GEM
  remote: http://rubygems.org/
  specs:
    backports (2.6.4)
    eventmachine (1.0.0)
    faraday (0.8.4)
      multipart-post (~> 1.1)
    haml (3.1.7)
    json (1.7.5)
    multi_json (1.3.6)
    multipart-post (1.1.5)
    oauth (0.4.7)
    rack (1.4.1)
    rack-protection (1.2.0)
      rack
    rack-test (0.6.1)
      rack (>= 1.0)
    simple_oauth (0.1.9)
    sinatra (1.3.3)
      rack (~> 1.3, >= 1.3.6)
      rack-protection (~> 1.2)
      tilt (~> 1.3, >= 1.3.3)
    sinatra-contrib (1.3.1)
      backports (>= 2.0)
      eventmachine
      rack-protection
      rack-test
      sinatra (~> 1.3.0)
      tilt (~> 1.3)
    sinatra-reloader (1.0)
      sinatra-contrib
    tilt (1.3.3)
    twitter (3.7.0)
      faraday (~> 0.8)
      multi_json (~> 1.3)
      simple_oauth (~> 0.1.6)

PLATFORMS
  ruby

DEPENDENCIES
  haml
  json
  oauth
  rack
  sinatra
  sinatra-reloader
  twitter
